PATH
  remote: .
  specs:
    cdistance (0.0.2)
      ffi

GEM
  remote: https://rubygems.org/
  specs:
    ffi (1.9.6)
    rake (13.0.1)

PLATFORMS
  ruby

DEPENDENCIES
  bundler (~> 1.7)
  cdistance!
  rake (~> 13.0)
