PATH
  remote: .
  specs:
    cdistance (0.0.1)
      ffi

GEM
  remote: https://rubygems.org/
  specs:
    ffi (1.9.6)
    rake (10.4.2)

PLATFORMS
  ruby

DEPENDENCIES
  bundler (~> 1.7)
  cdistance!
  rake (~> 10.0)
